RESTRICTION: || (== netcoreapp3.0) (>= net45)
NUGET
  remote: https://api.nuget.org/v3/index.json
    ControlzEx (4.0.0-alpha0222)
      Microsoft.Xaml.Behaviors.Wpf (>= 1.0.1)
    Costura.Fody (3.3.2)
      Fody (>= 3.3.5) - restriction: || (&& (== netcoreapp3.0) (>= net40)) (>= net45)
    Fody (4.0.2)
    JetBrains.Annotations (2018.3) - copy_local: true
    Microsoft.Build.Tasks.Git (1.0.0-beta2-18618-05) - copy_local: true
    Microsoft.NETCore.Platforms (3.0.0-preview.19073.11) - restriction: || (== netcoreapp3.0) (&& (>= net45) (>= netcoreapp3.0))
    Microsoft.SourceLink.Common (1.0.0-beta2-18618-05) - copy_local: true
    Microsoft.SourceLink.GitHub (1.0.0-beta2-18618-05) - copy_local: true
      Microsoft.Build.Tasks.Git (>= 1.0.0-beta2-18618-05)
      Microsoft.SourceLink.Common (>= 1.0.0-beta2-18618-05)
    Microsoft.Xaml.Behaviors.Wpf (1.0.1)
  remote: https://ci.appveyor.com/nuget/mahapps.metro
    MahApps.Metro (2.0.0-alpha0251)
      ControlzEx (>= 4.0.0-alpha0222)
      Microsoft.NETCore.Platforms (>= 3.0.0-preview.19073.11) - restriction: || (== netcoreapp3.0) (&& (>= net45) (>= netcoreapp3.0))
